GEM
  specs:
    chunky_png (1.4.0)
    httparty (0.20.0)
      mime-types (~> 3.0)
      multi_xml (>= 0.5.2)
    json (2.6.2)
    mime-types (3.4.1)
      mime-types-data (~> 3.2015)
    mime-types-data (3.2022.0105)
    multi_xml (0.6.0)
    rqrcode (2.1.1)
      chunky_png (~> 1.0)
      rqrcode_core (~> 1.0)
    rqrcode_core (1.2.0)

PLATFORMS
  ruby

DEPENDENCIES
  httparty
  json
  rqrcode

RUBY VERSION
   ruby 2.7.5p203

BUNDLED WITH
   2.1.4
