GEM
  specs:
    chunky_png (1.4.0)
    json (2.6.2)
    rqrcode (2.1.1)
      chunky_png (~> 1.0)
      rqrcode_core (~> 1.0)
    rqrcode_core (1.2.0)

PLATFORMS
  ruby

DEPENDENCIES
  chunky_png
  json
  rqrcode

RUBY VERSION
   ruby 2.7.5p203

BUNDLED WITH
   2.1.4
